PATH
  remote: .
  specs:
    newrelic-partners-api (0.0.1)

GEM
  remote: http://rubygems.org/
  specs:
    httparty (0.13.1)
      json (~> 1.8)
      multi_xml (>= 0.5.2)
    json (1.8.1)
    multi_xml (0.5.5)

PLATFORMS
  ruby

DEPENDENCIES
  bundler (~> 1.0)
  httparty
  newrelic-partners-api!
